{
    "Modality": "MR",
    "MagneticFieldStrength": 10.5,
    "ImagingFrequency": 447.053282,
    "Manufacturer": "Siemens",
    "ManufacturersModelName": "Investigational_Device_10_5T_Plus",
    "InstitutionName": "CMRR 10.5T PTX",
    "InstitutionalDepartmentName": "Department",
    "InstitutionAddress": "6th Street SE 2021,Minneapolis,District,US,55455",
    "DeviceSerialNumber": "18935",
    "StationName": "ARRAY105",
    "BodyPartExamined": "BRAIN",
    "PatientPosition": "HFS",
    "ProcedureStepDescription": "xiaoping^16txku64",
    "SoftwareVersions": "syngo MR E12",
    "MRAcquisitionType": "3D",
    "SeriesDescription": "mp2rage_1mm_ipat3_500V_UNI_Images",
    "ProtocolName": "T1",
    "ScanningSequence": "GR\\IR",
    "SequenceVariant": "SK\\SP\\MP",
    "ScanOptions": "IR\\PFP",
    "SequenceName": "*tfl3d1_16ns",
    "ImageType": [
        "DERIVED",
        "PRIMARY",
        "M",
        "ND",
        "UNI"
    ],
    "NonlinearGradientCorrection": false,
    "RawImage": false,
    "SeriesNumber": 14,
    "AcquisitionTime": "10:32:30.992500",
    "AcquisitionNumber": 1,
    "SliceThickness": 1,
    "SAR": 0.204944,
    "EchoTime": 0.00164,
    "RepetitionTime": 5,
    "SpoilingState": true,
    "PartialFourier": 0.875,
    "BaseResolution": 240,
    "ShimSetting": [
        6,
        1149,
        1124,
        862,
        110,
        390,
        -564,
        -85
    ],
    "TxRefAmp": 500,
    "PhaseResolution": 1,
    "ReceiveCoilName": "GenericRx_32C",
    "ReceiveCoilActiveElements": "R16;B32;C32",
    "PulseSequenceDetails": "%SiemensSeq%\\tfl",
    "RefLinesPE": 24,
    "CoilCombinationMethod": "Sum of Squares",
    "ConsistencyInfo": "N4_VE12U_LATEST_20181126",
    "MatrixCoilMode": "GRAPPA",
    "PercentPhaseFOV": 96.6667,
    "PercentSampling": 100,
    "PhaseEncodingSteps": 202,
    "AcquisitionMatrixPE": 232,
    "ReconMatrixPE": 232,
    "ParallelReductionFactorInPlane": 3,
    "PixelBandwidth": 300,
    "DwellTime": 6.9e-06,
    "ImageOrientationPatientDICOM": [
        0,
        1,
        0,
        0,
        0,
        -1
    ],
    "ImageOrientationText": "Sag",
    "InPlanePhaseEncodingDirectionDICOM": "ROW",
    "BidsGuess": [
        "anat",
        "_acq-tfl3p3_run-14_UNIT1"
    ],
    "ConversionSoftware": "dcm2niix",
    "ConversionSoftwareVersion": "v1.0.20240202",
    "Dcm2bidsVersion": "3.2.0"
}